GIT
  remote: git://projects.tryphon.priv/system-builder
  revision: 8998112436019091a3e74f82ca0b46f508101280
  specs:
    system-builder (0.0.26)
      tryphon-vmbox

GIT
  remote: git://projects.tryphon.priv/vmbox
  revision: c42d8f45ac82eeefd9c13c518478960ff23d16a8
  specs:
    tryphon-vmbox (0.0.1)
      json
      qemu

GEM
  remote: https://rubygems.org/
  specs:
    daemons (1.1.9)
    json (1.8.0)
    qemu (0.0.1)
      daemons
    rake (0.9.2)

PLATFORMS
  ruby

DEPENDENCIES
  rake
  system-builder!
  tryphon-vmbox!
